GEM
  remote: http://rubygems.org/
  specs:
    amazon-ec2 (0.9.17)
      xml-simple (>= 1.0.12)
    haml (3.1.2)
    rack (1.3.0)
    sinatra (1.2.6)
      rack (~> 1.1)
      tilt (>= 1.2.2, < 2.0)
    tilt (1.3.2)
    xml-simple (1.0.12)

PLATFORMS
  ruby

DEPENDENCIES
  amazon-ec2
  haml
  sinatra
