GEM
  remote: http://rubygems.org/
  specs:
    amazon-ec2 (0.9.17)
      xml-simple (>= 1.0.12)
    aws (2.5.5)
      http_connection
      uuidtools
      xml-simple
    haml (3.1.2)
    http_connection (1.4.1)
    rack (1.3.0)
    sass (3.1.3)
    sinatra (1.2.6)
      rack (~> 1.1)
      tilt (>= 1.2.2, < 2.0)
    tilt (1.3.2)
    uuidtools (2.1.2)
    xml-simple (1.0.12)

PLATFORMS
  ruby

DEPENDENCIES
  amazon-ec2
  aws
  haml
  sass
  sinatra
